GEM
  remote: https://rubygems.org/
  specs:
    fxruby (1.6.46-x64-mingw-ucrt)
      mini_portile2 (~> 2.1)
    mini_portile2 (2.8.1)

PLATFORMS
  x64-mingw-ucrt

DEPENDENCIES
  fxruby

BUNDLED WITH
   2.3.26
