GEM
  remote: https://rubygems.org/
  specs:
    fxruby (1.6.46-x64-mingw-ucrt)
      mini_portile2 (~> 2.1)
    logger (1.5.0)
    mini_portile2 (2.8.1)
    minitest (5.15.0)
    sqlite3 (1.6.2-x64-mingw-ucrt)
    win32api (0.1.0)

PLATFORMS
  x64-mingw-ucrt

DEPENDENCIES
  fxruby
  logger
  minitest
  sqlite3
  win32api

BUNDLED WITH
   2.3.26
